GEM
  remote: https://rubygems.org/
  specs:
    geo_stalker (0.1.2)
      plist (~> 3.1)
    json (1.8.3)
    open-weather (0.11.0)
      json
    plist (3.1.0)

PLATFORMS
  ruby

DEPENDENCIES
  geo_stalker
  open-weather

BUNDLED WITH
   1.10.6
